GEM
  remote: https://rubygems.org/
  specs:
    diff-lcs (1.2.5)
    hashie (3.6.0)
    httparty (0.13.7)
      json (~> 1.8)
      multi_xml (>= 0.5.2)
    json (1.8.6)
    lumberjack (1.0.13)
    multi_xml (0.5.5)
    rspec (3.4.0)
      rspec-core (~> 3.4.0)
      rspec-expectations (~> 3.4.0)
      rspec-mocks (~> 3.4.0)
    rspec-core (3.4.4)
      rspec-support (~> 3.4.0)
    rspec-expectations (3.4.0)
      diff-lcs (>= 1.2.0, < 2.0)
      rspec-support (~> 3.4.0)
    rspec-mocks (3.4.1)
      diff-lcs (>= 1.2.0, < 2.0)
      rspec-support (~> 3.4.0)
    rspec-support (3.4.1)

PLATFORMS
  ruby

DEPENDENCIES
  hashie
  httparty
  lumberjack
  rspec

BUNDLED WITH
   1.17.3
